GEM
  remote: https://rubygems.org/
  specs:
    childprocess (0.9.0)
      ffi (~> 1.0, >= 1.0.11)
    chunky_png (1.3.6)
    commonwatir (4.0.0)
    diff-lcs (1.3)
    dimensions (1.3.0)
    ffi (1.12.1)
    headless (0.3.1)
    lineup (0.7.3)
      chunky_png (<= 1.3.6)
      dimensions (~> 1.3)
      headless (~> 0.1)
      oily_png (~> 1.2)
      pxdoppelganger (~> 0.1)
      rspec (~> 3.2)
      selenium-webdriver (~> 2.46)
      watir (~> 5.0)
      watir-webdriver (~> 0.8)
    oily_png (1.2.0)
      chunky_png (~> 1.3.1)
    pxdoppelganger (0.1.1)
    rspec (3.9.0)
      rspec-core (~> 3.9.0)
      rspec-expectations (~> 3.9.0)
      rspec-mocks (~> 3.9.0)
    rspec-core (3.9.1)
      rspec-support (~> 3.9.1)
    rspec-expectations (3.9.0)
      diff-lcs (>= 1.2.0, < 2.0)
      rspec-support (~> 3.9.0)
    rspec-mocks (3.9.1)
      diff-lcs (>= 1.2.0, < 2.0)
      rspec-support (~> 3.9.0)
    rspec-support (3.9.2)
    rubyzip (1.3.0)
    selenium-webdriver (2.53.4)
      childprocess (~> 0.5)
      rubyzip (~> 1.0)
      websocket (~> 1.0)
    watir (5.0.0)
      commonwatir (~> 4)
      watir-webdriver
    watir-webdriver (0.9.9)
      selenium-webdriver (>= 2.46.2)
    websocket (1.2.8)

PLATFORMS
  ruby

DEPENDENCIES
  lineup (~> 0.7.3)

BUNDLED WITH
   2.0.2
